PATH
  remote: .
  specs:
    chicanery (0.1.3)
      httparty (> 0)
      nokogiri (~> 1)

GEM
  remote: https://rubygems.org/
  specs:
    addressable (2.3.3)
    crack (0.3.2)
    diff-lcs (1.2.2)
    httparty (0.10.2)
      multi_json (~> 1.0)
      multi_xml (>= 0.5.2)
    multi_json (1.7.2)
    multi_xml (0.5.3)
    nokogiri (1.5.9)
    rake (0.9.6)
    rspec (2.13.0)
      rspec-core (~> 2.13.0)
      rspec-expectations (~> 2.13.0)
      rspec-mocks (~> 2.13.0)
    rspec-core (2.13.1)
    rspec-expectations (2.13.0)
      diff-lcs (>= 1.1.3, < 2.0)
    rspec-mocks (2.13.0)
    simplecov (0.7.1)
      multi_json (~> 1.0)
      simplecov-html (~> 0.7.1)
    simplecov-gem-adapter (1.0.1)
      simplecov
    simplecov-html (0.7.1)
    vcr (2.4.0)
    webmock (1.9.3)
      addressable (>= 2.2.7)
      crack (>= 0.3.2)

PLATFORMS
  ruby

DEPENDENCIES
  chicanery!
  rake (~> 0)
  rspec (~> 2)
  simplecov
  simplecov-gem-adapter
  vcr
  webmock (< 1.10)
